GEM
  remote: https://rubygems.org/
  specs:
    cpf_cnpj (0.5.0)
    os (1.1.4)
    nokogiri (1.15.4)

PLATFORMS
  x86_64-darwin-20

DEPENDENCIES
  cpf_cnpj
  os
  nokogiri

BUNDLED WITH
   2.4.17
